GEM
  remote: https://rubygems.org/
  specs:
    builder (3.2.2)
    graph (2.7.0)
    mini_portile (0.6.0)
    nokogiri (1.6.3.1)
      mini_portile (= 0.6.0)
    rsmart_toolbox (0.4)
      builder (~> 3.2.2)
      nokogiri (~> 1.6.3.1)

PLATFORMS
  ruby

DEPENDENCIES
  graph (~> 2.7.0)
  rsmart_toolbox
