GEM
  remote: https://rubygems.org/
  specs:
    builder (3.2.2)
    graph (2.7.0)
    mime-types (2.4.3)
    mini_portile (0.6.0)
    netrc (0.8.0)
    nokogiri (1.6.3.1)
      mini_portile (= 0.6.0)
    rest-client (1.7.2)
      mime-types (>= 1.16, < 3.0)
      netrc (~> 0.7)
    rsmart_toolbox (0.12)
      builder (~> 3.2.2)
      nokogiri (~> 1.6.3.1)
      rest-client (~> 1.7.2)

PLATFORMS
  ruby

DEPENDENCIES
  graph (~> 2.7.0)
  rsmart_toolbox
